GEM
  remote: https://rubygems.org/
  specs:
    combine_pdf (1.0.22)
      matrix
      ruby-rc4 (>= 0.1.5)
    matrix (0.4.2)
    pdf-core (0.9.0)
    prawn (2.4.0)
      pdf-core (~> 0.9.0)
      ttfunk (~> 1.7)
    ruby-rc4 (0.1.5)
    ttfunk (1.7.0)

PLATFORMS
  universal-darwin-20

DEPENDENCIES
  combine_pdf
  prawn

BUNDLED WITH
   2.2.26
